GEM
  remote: https://rubygems.org/
  specs:
    activemodel (3.0.10)
      activesupport (= 3.0.10)
      builder (~> 2.1.2)
      i18n (~> 0.5.0)
    activerecord (3.0.10)
      activemodel (= 3.0.10)
      activesupport (= 3.0.10)
      arel (~> 2.0.10)
      tzinfo (~> 0.3.23)
    activesupport (3.0.10)
    arel (2.0.10)
    builder (2.1.2)
    diff-lcs (1.1.3)
    i18n (0.5.0)
    rspec (2.9.0)
      rspec-core (~> 2.9.0)
      rspec-expectations (~> 2.9.0)
      rspec-mocks (~> 2.9.0)
    rspec-core (2.9.0)
    rspec-expectations (2.9.1)
      diff-lcs (~> 1.1.3)
    rspec-mocks (2.9.0)
    tzinfo (0.3.33)

PLATFORMS
  ruby

DEPENDENCIES
  activerecord (>= 3.0.0)
  rspec
